GEM
  remote: https://rubygems.org/
  specs:
    activesupport (7.0.7)
      concurrent-ruby (~> 1.0, >= 1.0.2)
      i18n (>= 1.6, < 2)
      minitest (>= 5.1)
      tzinfo (~> 2.0)
    claide (1.0.0)
    clamp (0.6.5)
    colored (1.2)
    colorize (0.7.7)
    concurrent-ruby (1.2.2)
    i18n (1.14.1)
      concurrent-ruby (~> 1.0)
    mini_portile2 (2.1.0)
    minitest (5.19.0)
    nokogiri (1.6.8)
      mini_portile2 (~> 2.1.0)
      pkg-config (~> 1.1.7)
    pkg-config (1.1.7)
    rouge (1.10.1)
    slather (2.2.1)
      clamp (~> 0.6)
      nokogiri (~> 1.6.3)
      xcodeproj (~> 1.1)
    synx (0.2.1)
      clamp (~> 0.6)
      colorize (~> 0.7)
      xcodeproj (~> 1.0)
    tzinfo (2.0.6)
      concurrent-ruby (~> 1.0)
    xcodeproj (1.1.0)
      activesupport (>= 3)
      claide (>= 1.0.0, < 2.0)
      colored (~> 1.2)
    xcpretty (0.2.2)
      rouge (~> 1.8)

PLATFORMS
  ruby

DEPENDENCIES
  slather
  synx
  xcpretty

BUNDLED WITH
   1.12.5
